GIT
  remote: https://github.com/cldwalker/debugger-ruby_core_source.git
  revision: 4961548ae4351225ab58d51d303ea18cca2ffc9e
  specs:
    debugger-ruby_core_source (1.2.0)

GIT
  remote: https://github.com/drhenner/nifty-generators.git
  revision: ae4d05fd4f2b1f09b6d9546ef72122ba1bc433ff
  specs:
    nifty-generators (0.4.6)

GIT
  remote: https://github.com/neocoin/rails3-generators.git
  revision: 6bdea11693e69917849dabc6bd38cf752e8ff194
  specs:
    rails3-generators (0.17.4)
      railties (>= 3.0.0)

GEM
  remote: http://rubygems.org/
  specs:
    Ascii85 (1.0.2)
    RedCloth (4.2.9)
    ZenTest (4.6.2)
    actionmailer (3.2.11)
      actionpack (= 3.2.11)
      mail (~> 2.4.4)
    actionpack (3.2.11)
      activemodel (= 3.2.11)
      activesupport (= 3.2.11)
      builder (~> 3.0.0)
      erubis (~> 2.7.0)
      journey (~> 1.0.4)
      rack (~> 1.4.0)
      rack-cache (~> 1.2)
      rack-test (~> 0.6.1)
      sprockets (~> 2.2.1)
    active_utils (1.0.5)
      activesupport (>= 2.3.11)
      i18n
    activemerchant (1.29.3)
      active_utils (>= 1.0.2)
      activesupport (>= 2.3.14)
      builder (>= 2.0.0)
      i18n
      json (>= 1.5.1)
      money
      nokogiri
    activemodel (3.2.11)
      activesupport (= 3.2.11)
      builder (~> 3.0.0)
    activerecord (3.2.11)
      activemodel (= 3.2.11)
      activesupport (= 3.2.11)
      arel (~> 3.0.2)
      tzinfo (~> 0.3.29)
    activeresource (3.2.11)
      activemodel (= 3.2.11)
      activesupport (= 3.2.11)
    activesupport (3.2.11)
      i18n (~> 0.6)
      multi_json (~> 1.0)
    addressable (2.3.2)
    afm (0.2.0)
    american_date (1.0.0)
    arel (3.0.2)
    asset_sync (0.5.4)
      activemodel
      fog
    authlogic (3.2.0)
      activerecord (>= 3.0.0)
      activesupport (>= 3.0.0)
    autotest (4.4.6)
      ZenTest (>= 4.4.1)
    autotest-growl (0.2.16)
    autotest-rails-pure (4.1.2)
    aws-sdk (1.8.1.1)
      json (~> 1.4)
      nokogiri (>= 1.4.4)
      uuidtools (~> 2.1)
    babosa (0.3.8)
    bluecloth (2.1.0)
    builder (3.0.4)
    cancan (1.6.8)
    capybara (1.1.4)
      mime-types (>= 1.16)
      nokogiri (>= 1.3.3)
      rack (>= 1.0.0)
      rack-test (>= 0.5.4)
      selenium-webdriver (~> 2.0)
      xpath (~> 0.1.4)
    childprocess (0.3.7)
      ffi (~> 1.0, >= 1.0.6)
    choice (0.1.6)
    chronic (0.9.1)
    chunky_png (1.2.7)
    cocaine (0.4.2)
    compass (0.12.2)
      chunky_png (~> 1.2)
      fssm (>= 0.2.7)
      sass (~> 3.1)
    compass-rails (1.0.3)
      compass (>= 0.12.2, < 0.14)
    database_cleaner (0.9.1)
    diff-lcs (1.1.3)
    dynamic_form (1.1.4)
    email_spec (1.4.0)
      launchy (~> 2.1)
      mail (~> 2.2)
    erubis (2.7.0)
    excon (0.16.10)
    execjs (1.4.0)
      multi_json (~> 1.0)
    factory_girl (3.3.0)
      activesupport (>= 3.0.0)
    factory_girl_rails (3.3.0)
      factory_girl (~> 3.3.0)
      railties (>= 3.0.0)
    faker (1.1.2)
      i18n (~> 0.5)
    ffi (1.3.1)
    fog (1.9.0)
      builder
      excon (~> 0.14)
      formatador (~> 0.2.0)
      mime-types
      multi_json (~> 1.0)
      net-scp (~> 1.0.4)
      net-ssh (>= 2.1.3)
      nokogiri (~> 1.5.0)
      ruby-hmac
    formatador (0.2.4)
    friendly_id (3.3.3.0)
      babosa (~> 0.3.0)
    fssm (0.2.10)
    haml (3.1.7)
    hashery (2.1.0)
    hike (1.2.1)
    i18n (0.6.4)
    journey (1.0.4)
    jquery-rails (2.2.0)
      railties (>= 3.0, < 5.0)
      thor (>= 0.14, < 2.0)
    json (1.7.7)
    launchy (2.1.2)
      addressable (~> 2.3)
    libv8 (3.11.8.13)
    mail (2.4.4)
      i18n (>= 0.4.0)
      mime-types (~> 1.16)
      treetop (~> 1.4.8)
    metaclass (0.0.1)
    mime-types (1.19)
    mocha (0.10.5)
      metaclass (~> 0.0.1)
    money (5.1.0)
      i18n (~> 0.6.0)
    multi_json (1.6.1)
    mysql2 (0.3.11)
    nested_set (1.7.1)
      activerecord (>= 3.0.0)
      railties (>= 3.0.0)
    net-scp (1.0.4)
      net-ssh (>= 1.99.1)
    net-ssh (2.6.3)
    nokogiri (1.5.6)
    paperclip (3.4.0)
      activemodel (>= 3.0.0)
      activerecord (>= 3.0.0)
      activesupport (>= 3.0.0)
      cocaine (~> 0.4.0)
      mime-types
    pdf-reader (1.3.0)
      Ascii85 (~> 1.0.0)
      afm (~> 0.2.0)
      hashery (~> 2.0)
      ruby-rc4
      ttfunk
    pg (0.14.1)
    polyglot (0.3.3)
    prawn (0.12.0)
      pdf-reader (>= 0.9.0)
      ttfunk (~> 1.0.2)
    rack (1.4.5)
    rack-cache (1.2)
      rack (>= 0.4)
    rack-ssl (1.3.3)
      rack
    rack-test (0.6.2)
      rack (>= 1.0)
    rails (3.2.11)
      actionmailer (= 3.2.11)
      actionpack (= 3.2.11)
      activerecord (= 3.2.11)
      activeresource (= 3.2.11)
      activesupport (= 3.2.11)
      bundler (~> 1.0)
      railties (= 3.2.11)
    rails-erd (1.1.0)
      activerecord (>= 3.0)
      activesupport (>= 3.0)
      choice (~> 0.1.6)
      ruby-graphviz (~> 1.0.4)
    rails_config (0.3.2)
      activesupport (>= 3.0)
    railties (3.2.11)
      actionpack (= 3.2.11)
      activesupport (= 3.2.11)
      rack-ssl (~> 1.3.2)
      rake (>= 0.8.7)
      rdoc (~> 3.4)
      thor (>= 0.14.6, < 2.0)
    rake (0.9.6)
    rdoc (3.12.2)
      json (~> 1.4)
    ref (1.0.3)
    rmagick (2.13.1)
    rspec-core (2.12.2)
    rspec-expectations (2.12.1)
      diff-lcs (~> 1.1.3)
    rspec-mocks (2.12.2)
    rspec-rails (2.12.2)
      actionpack (>= 3.0)
      activesupport (>= 3.0)
      railties (>= 3.0)
      rspec-core (~> 2.12.0)
      rspec-expectations (~> 2.12.0)
      rspec-mocks (~> 2.12.0)
    rspec-rails-mocha (0.3.2)
      mocha (>= 0.9.8)
      rspec-rails (>= 2.0.0)
    ruby-graphviz (1.0.8)
    ruby-hmac (0.4.0)
    ruby-rc4 (0.1.5)
    rubyzip (0.9.9)
    sass (3.2.5)
    sass-rails (3.2.6)
      railties (~> 3.2.0)
      sass (>= 3.1.10)
      tilt (~> 1.3)
    selenium-webdriver (2.29.0)
      childprocess (>= 0.2.5)
      multi_json (~> 1.0)
      rubyzip
      websocket (~> 1.0.4)
    sprockets (2.2.2)
      hike (~> 1.2)
      multi_json (~> 1.0)
      rack (~> 1.0)
      tilt (~> 1.1, != 1.3.0)
    sqlite3 (1.3.7)
    state_machine (1.1.2)
    therubyracer (0.11.4)
      libv8 (~> 3.11.8.12)
      ref
    thor (0.17.0)
    tilt (1.3.4)
    treetop (1.4.12)
      polyglot
      polyglot (>= 0.3.1)
    ttfunk (1.0.3)
    tzinfo (0.3.35)
    uglifier (1.3.0)
      execjs (>= 0.3.0)
      multi_json (~> 1.0, >= 1.0.2)
    uuidtools (2.1.3)
    websocket (1.0.7)
    will_paginate (3.0.4)
    xpath (0.1.4)
      nokogiri (~> 1.3)
    yard (0.8.3)

PLATFORMS
  ruby

DEPENDENCIES
  RedCloth
  ZenTest (= 4.6.2)
  activemerchant (~> 1.29.3)
  american_date
  asset_sync
  authlogic
  autotest (~> 4.4.6)
  autotest-growl
  autotest-rails-pure
  aws-sdk
  bluecloth (~> 2.1.0)
  cancan (~> 1.6.8)
  capybara (~> 1.1)
  chronic
  compass (~> 0.12.0)
  compass-rails
  database_cleaner
  debugger-ruby_core_source!
  dynamic_form
  email_spec
  factory_girl (~> 3.3.0)
  factory_girl_rails (~> 3.3.0)
  faker
  friendly_id (~> 3.3)
  haml (>= 3.0.13)
  jquery-rails
  json (~> 1.7.7)
  launchy
  mocha (~> 0.10.0)
  mysql2 (~> 0.3.10)
  nested_set (~> 1.7.0)
  nifty-generators!
  nokogiri (~> 1.5.0)
  paperclip (~> 3.0)
  pg
  prawn (~> 0.12.0)
  rails (= 3.2.11)
  rails-erd
  rails3-generators!
  rails_config
  rake (~> 0.9.2)
  rmagick
  rspec-rails (~> 2.12.2)
  rspec-rails-mocha
  sass-rails (~> 3.2.3)
  sqlite3
  state_machine (~> 1.1.2)
  therubyracer
  uglifier (>= 1.0.3)
  will_paginate (~> 3.0.4)
  yard
